PATH
  remote: .
  specs:
    reso_transport (1.5.19)
      faraday (~> 2)
      rexml

GEM
  remote: https://rubygems.org/
  specs:
    byebug (11.1.3)
    faraday (2.7.7)
      faraday-net_http (>= 2.0, < 3.1)
      ruby2_keywords (>= 0.0.4)
    faraday-net_http (3.0.2)
    minitest (5.18.1)
    minitest-rg (5.2.0)
      minitest (~> 5.0)
    rake (13.0.6)
    rexml (3.2.5)
    ruby2_keywords (0.0.5)
    vcr (6.1.0)

PLATFORMS
  arm64-darwin-22

DEPENDENCIES
  bundler (~> 2)
  byebug
  minitest
  minitest-rg
  rake
  reso_transport!
  vcr

BUNDLED WITH
   2.4.12
